GIT
  remote: https://github.com/ChrisBr/simple_review_app
  revision: 6b0024709adebfb2a0427df2ed40df3d0b978624
  specs:
    simple_review_app (0.0.0)
      activemodel (~> 5.1)
      liquid (~> 4.0)
      octokit (~> 4.0)
      rake (~> 12.3)
      zaru (~> 0.2)

GEM
  remote: https://rubygems.org/
  specs:
    activemodel (5.2.6)
      activesupport (= 5.2.6)
    activesupport (5.2.6)
      concurrent-ruby (~> 1.0, >= 1.0.2)
      i18n (>= 0.7, < 2)
      minitest (~> 5.1)
      tzinfo (~> 1.1)
    addressable (2.8.0)
      public_suffix (>= 2.0.2, < 5.0)
    concurrent-ruby (1.1.9)
    faraday (2.3.0)
      faraday-net_http (~> 2.0)
      ruby2_keywords (>= 0.0.4)
    faraday-net_http (2.0.3)
    i18n (1.8.10)
      concurrent-ruby (~> 1.0)
    liquid (4.0.0)
    minitest (5.14.4)
    octokit (4.25.1)
      faraday (>= 1, < 3)
      sawyer (~> 0.9)
    public_suffix (4.0.7)
    rake (12.3.3)
    ruby2_keywords (0.0.5)
    sawyer (0.9.2)
      addressable (>= 2.3.5)
      faraday (>= 0.17.3, < 3)
    thread_safe (0.3.6)
    tzinfo (1.2.10)
      thread_safe (~> 0.1)
    zaru (0.2.0)

PLATFORMS
  ruby

DEPENDENCIES
  simple_review_app!

BUNDLED WITH
   1.16.1
